GEM
  remote: https://rubygems.org/
  specs:
    Ascii85 (1.1.0)
    afm (0.2.2)
    ast (2.4.2)
    byebug (11.1.3)
    coderay (1.1.3)
    diff-lcs (1.5.0)
    dotenv (2.8.1)
    faraday (2.7.4)
      faraday-net_http (>= 2.0, < 3.1)
      ruby2_keywords (>= 0.0.4)
    faraday-net_http (3.0.2)
    ffi (1.15.5)
    hashery (2.1.2)
    httparty (0.21.0)
      mini_mime (>= 1.0.0)
      multi_xml (>= 0.5.2)
    json (2.6.3)
    liquid (5.4.0)
    listen (3.8.0)
      rb-fsevent (~> 0.10, >= 0.10.3)
      rb-inotify (~> 0.9, >= 0.9.10)
    macaddr (1.7.2)
      systemu (~> 2.6.5)
    method_source (1.0.0)
    mimemagic (0.4.3)
      nokogiri (~> 1)
      rake
    mini_mime (1.1.2)
    multi_xml (0.6.0)
    nio4r (2.5.9)
    nokogiri (1.14.2-x86_64-linux)
      racc (~> 1.4)
    parallel (1.22.1)
    parser (3.2.2.0)
      ast (~> 2.4.1)
    pdf-reader (2.11.0)
      Ascii85 (~> 1.0)
      afm (~> 0.2.1)
      hashery (~> 2.0)
      ruby-rc4
      ttfunk
    pry (0.14.2)
      coderay (~> 1.1)
      method_source (~> 1.0)
    pry-byebug (3.10.1)
      byebug (~> 11.0)
      pry (>= 0.13, < 0.15)
    puma (6.2.1)
      nio4r (~> 2.0)
    racc (1.6.2)
    rack (3.0.7)
    rack-cors (2.0.1)
      rack (>= 2.0.0)
    rackup (2.1.0)
      rack (>= 3)
      webrick (~> 1.8)
    rainbow (3.1.1)
    rake (13.0.6)
    rb-fsevent (0.11.2)
    rb-inotify (0.10.1)
      ffi (~> 1.0)
    regexp_parser (2.7.0)
    rerun (0.14.0)
      listen (~> 3.0)
    rexml (3.2.5)
    roda (3.66.0)
      rack
    rspec (3.12.0)
      rspec-core (~> 3.12.0)
      rspec-expectations (~> 3.12.0)
      rspec-mocks (~> 3.12.0)
    rspec-core (3.12.1)
      rspec-support (~> 3.12.0)
    rspec-expectations (3.12.2)
      diff-lcs (>= 1.2.0, < 2.0)
      rspec-support (~> 3.12.0)
    rspec-mocks (3.12.5)
      diff-lcs (>= 1.2.0, < 2.0)
      rspec-support (~> 3.12.0)
    rspec-support (3.12.0)
    rubocop (1.49.0)
      json (~> 2.3)
      parallel (~> 1.10)
      parser (>= 3.2.0.0)
      rainbow (>= 2.2.2, < 4.0)
      regexp_parser (>= 1.8, < 3.0)
      rexml (>= 3.2.5, < 4.0)
      rubocop-ast (>= 1.28.0, < 2.0)
      ruby-progressbar (~> 1.7)
      unicode-display_width (>= 2.4.0, < 3.0)
    rubocop-ast (1.28.0)
      parser (>= 3.2.1.0)
    rubocop-capybara (2.17.1)
      rubocop (~> 1.41)
    rubocop-rspec (2.19.0)
      rubocop (~> 1.33)
      rubocop-capybara (~> 2.17)
    ruby-openai (3.7.0)
      httparty (>= 0.18.1)
    ruby-progressbar (1.13.0)
    ruby-rc4 (0.1.5)
    ruby2_keywords (0.0.5)
    systemu (2.6.5)
    ttfunk (1.7.0)
    unicode-display_width (2.4.2)
    uuid (2.3.9)
      macaddr (~> 1.0)
    webrick (1.8.1)

PLATFORMS
  x86_64-linux

DEPENDENCIES
  dotenv (~> 2.8, >= 2.8.1)
  faraday (~> 2.7, >= 2.7.4)
  liquid (~> 5.4)
  mimemagic (~> 0.4.3)
  pdf-reader (~> 2.11)
  pry-byebug (~> 3.10, >= 3.10.1)
  puma (~> 6.1, >= 6.1.1)
  rack (~> 3.0, >= 3.0.7)
  rack-cors (~> 2.0, >= 2.0.1)
  rackup (~> 2.1)
  rerun (~> 0.14.0)
  roda (~> 3.66)
  rspec (~> 3.12)
  rubocop (~> 1.48, >= 1.48.1)
  rubocop-rspec (~> 2.19)
  ruby-openai (~> 3.7)
  uuid (~> 2.3, >= 2.3.9)

RUBY VERSION
   ruby 3.2.1p31

BUNDLED WITH
   2.4.4
